PATH
  remote: .
  specs:
    inline-style (0.5.0)
      css_parser
      nokogiri

GEM
  remote: http://rubygems.org/
  specs:
    addressable (2.2.6)
    css_parser (1.2.6)
      addressable
      rdoc
    diff-lcs (1.1.3)
    ffi (1.0.11)
    i18n (0.6.0)
    json (1.6.5)
    maca-fork-csspool (2.0.2)
      ffi
    mail (2.4.1)
      i18n (>= 0.4.0)
      mime-types (~> 1.16)
      treetop (~> 1.4.8)
    mime-types (1.17.2)
    nokogiri (1.5.0)
    polyglot (0.3.3)
    rack (1.4.1)
    rdoc (3.12)
      json (~> 1.4)
    rspec (2.8.0)
      rspec-core (~> 2.8.0)
      rspec-expectations (~> 2.8.0)
      rspec-mocks (~> 2.8.0)
    rspec-core (2.8.0)
    rspec-expectations (2.8.0)
      diff-lcs (~> 1.1.2)
    rspec-mocks (2.8.0)
    treetop (1.4.10)
      polyglot
      polyglot (>= 0.3.1)

PLATFORMS
  ruby

DEPENDENCIES
  inline-style!
  maca-fork-csspool
  mail
  rack
  rspec
  rspec-core
