PATH
  remote: .
  specs:
    inline-style (0.4.10)
      css_parser
      maca-fork-csspool
      nokogiri

GEM
  remote: http://rubygems.org/
  specs:
    activesupport (6.0.0)
      concurrent-ruby (~> 1.0, >= 1.0.2)
      i18n (>= 0.7, < 2)
      minitest (~> 5.1)
      tzinfo (~> 1.1)
      zeitwerk (~> 2.1, >= 2.1.8)
    addressable (2.7.0)
      public_suffix (>= 2.0.2, < 5.0)
    concurrent-ruby (1.1.5)
    css_parser (1.7.0)
      addressable
    diff-lcs (1.1.2)
    ffi (1.11.1)
    i18n (1.7.0)
      concurrent-ruby (~> 1.0)
    maca-fork-csspool (2.0.2)
      ffi
    mail (2.2.15)
      activesupport (>= 2.3.6)
      i18n (>= 0.4.0)
      mime-types (~> 1.16)
      treetop (~> 1.4.8)
    mime-types (1.16)
    mini_portile2 (2.4.0)
    minitest (5.12.2)
    nokogiri (1.10.4)
      mini_portile2 (~> 2.4.0)
    polyglot (0.3.1)
    public_suffix (4.0.1)
    rack (1.2.1)
    rspec (2.4.0)
      rspec-core (~> 2.4.0)
      rspec-expectations (~> 2.4.0)
      rspec-mocks (~> 2.4.0)
    rspec-core (2.4.0)
    rspec-expectations (2.4.0)
      diff-lcs (~> 1.1.2)
    rspec-mocks (2.4.0)
    thread_safe (0.3.6)
    treetop (1.4.9)
      polyglot (>= 0.3.1)
    tzinfo (1.2.5)
      thread_safe (~> 0.1)
    zeitwerk (2.2.0)

PLATFORMS
  ruby

DEPENDENCIES
  inline-style!
  mail
  rack
  rspec
  rspec-core
