PATH
  remote: .
  specs:
    inline-style (0.5.1)
      css_parser
      maca-fork-csspool
      nokogiri

GEM
  remote: http://rubygems.org/
  specs:
    activesupport (3.0.4)
    addressable (2.3.8)
    css_parser (1.3.6)
      addressable
    diff-lcs (1.1.2)
    ffi (1.9.10)
    i18n (0.5.0)
    maca-fork-csspool (2.0.2)
      ffi
    mail (2.2.15)
      activesupport (>= 2.3.6)
      i18n (>= 0.4.0)
      mime-types (~> 1.16)
      treetop (~> 1.4.8)
    mime-types (1.16)
    mini_portile (0.6.2)
    nokogiri (1.6.6.2)
      mini_portile (~> 0.6.0)
    polyglot (0.3.1)
    rack (1.2.1)
    rspec (2.4.0)
      rspec-core (~> 2.4.0)
      rspec-expectations (~> 2.4.0)
      rspec-mocks (~> 2.4.0)
    rspec-core (2.4.0)
    rspec-expectations (2.4.0)
      diff-lcs (~> 1.1.2)
    rspec-mocks (2.4.0)
    treetop (1.4.9)
      polyglot (>= 0.3.1)

PLATFORMS
  ruby

DEPENDENCIES
  inline-style!
  mail
  rack
  rspec
  rspec-core

BUNDLED WITH
   1.10.5
