PATH
  remote: .
  specs:
    inline-style (0.4.10)
      css_parser
      maca-fork-csspool
      nokogiri

GEM
  remote: http://rubygems.org/
  specs:
    activesupport (3.0.4)
    addressable (2.7.0)
      public_suffix (>= 2.0.2, < 5.0)
    css_parser (1.7.1)
      addressable
    diff-lcs (1.1.2)
    ffi (1.11.3)
    i18n (0.5.0)
    maca-fork-csspool (2.0.2)
      ffi
    mail (2.2.15)
      activesupport (>= 2.3.6)
      i18n (>= 0.4.0)
      mime-types (~> 1.16)
      treetop (~> 1.4.8)
    mime-types (1.16)
    mini_portile2 (2.4.0)
    nokogiri (1.10.7)
      mini_portile2 (~> 2.4.0)
    polyglot (0.3.1)
    public_suffix (4.0.1)
    rack (2.0.8)
    rspec (2.4.0)
      rspec-core (~> 2.4.0)
      rspec-expectations (~> 2.4.0)
      rspec-mocks (~> 2.4.0)
    rspec-core (2.4.0)
    rspec-expectations (2.4.0)
      diff-lcs (~> 1.1.2)
    rspec-mocks (2.4.0)
    treetop (1.4.9)
      polyglot (>= 0.3.1)

PLATFORMS
  ruby

DEPENDENCIES
  inline-style!
  mail
  rack
  rspec
  rspec-core
